NUGET
  remote: https://nuget.org/api/v2
  specs:
    FAKE (4.5.5)
    OpenTK (1.1.1589.5942)
    OpenTK.GLControl (1.1.1589.5942)
      OpenTK (>= 1.1.1589.5942)
